GIT
  remote: git://github.com/dutchhome/ID3.git
  revision: b99af36fdb152cf457ff1498fc73abf1a37a18b7
  specs:
    id3 (0.5.1)

GEM
  remote: http://rubygems.org/
  specs:
    json (1.6.5)
    mustache (0.99.4)
    rack (1.4.1)
    rack-protection (1.2.0)
      rack
    shotgun (0.9)
      rack (>= 1.0)
    sinatra (1.3.2)
      rack (~> 1.3, >= 1.3.6)
      rack-protection (~> 1.2)
      tilt (~> 1.3, >= 1.3.3)
    tilt (1.3.3)

PLATFORMS
  ruby

DEPENDENCIES
  id3!
  json
  mustache
  shotgun
  sinatra
