GEM
  remote: http://rubygems.org/
  specs:
    json (1.6.5)
    mustache (0.99.4)
    rack (1.4.1)
    rack-protection (1.2.0)
      rack
    shotgun (0.9)
      rack (>= 1.0)
    sinatra (1.3.2)
      rack (~> 1.3, >= 1.3.6)
      rack-protection (~> 1.2)
      tilt (~> 1.3, >= 1.3.3)
    sinatra-flash (0.3.0)
      sinatra (>= 1.0.0)
    sinatra-redirect-with-flash (0.2.0)
      sinatra (>= 1.0.0)
    taglib-ruby (0.3.1)
    tilt (1.3.3)

PLATFORMS
  ruby

DEPENDENCIES
  json
  mustache
  shotgun
  sinatra
  sinatra-flash
  sinatra-redirect-with-flash
  taglib-ruby
